GEM
  remote: http://rubygems.org/
  specs:
    diff-lcs (1.2.5)
    facter (1.7.0)
    hiera (1.3.0)
      json_pure
    json_pure (1.8.1)
    puppet (3.1.1)
      facter (~> 1.6)
      hiera (~> 1.0)
    puppet-lint (0.3.2)
    rake (10.1.1)
    rspec (2.14.1)
      rspec-core (~> 2.14.0)
      rspec-expectations (~> 2.14.0)
      rspec-mocks (~> 2.14.0)
    rspec-core (2.14.7)
    rspec-expectations (2.14.4)
      diff-lcs (>= 1.1.3, < 2.0)
    rspec-mocks (2.14.4)
    rspec-puppet (1.0.1)
      rspec

PLATFORMS
  ruby

DEPENDENCIES
  facter (= 1.7.0)
  puppet (= 3.1.1)
  puppet-lint
  rake
  rspec-puppet
